GEM
  remote: https://rubygems.org/
  specs:
    awesome_print (1.7.0)
    diff-lcs (1.2.5)
    find_a_port (1.0.1)
    json (2.0.2)
    pact (1.9.3)
      awesome_print (~> 1.1)
      json
      pact-mock_service (~> 0.8)
      pact-support (~> 0.5.7)
      rack-test (~> 0.6.2)
      randexp (~> 0.1.7)
      rspec (>= 2.14)
      term-ansicolor (~> 1.0)
      thor
      webrick
    pact-mock_service (0.10.1)
      find_a_port (~> 1.0.1)
      json
      pact-support (~> 0.5.8)
      rack
      rack-test (~> 0.6.2)
      rspec (>= 2.14)
      term-ansicolor (~> 1.0)
      thor
      webrick
    pact-provider-proxy (2.1.0)
      pact (~> 1.0, >= 1.1.1)
      rack (>= 1.0.0)
      rack-proxy (~> 0.5)
    pact-support (0.5.9)
      awesome_print (~> 1.1)
      find_a_port (~> 1.0.1)
      json
      rack-test (~> 0.6.2)
      randexp (~> 0.1.7)
      rspec (>= 2.14)
      term-ansicolor (~> 1.0)
      thor
    rack (2.0.1)
    rack-proxy (0.6.0)
      rack
    rack-test (0.6.3)
      rack (>= 1.0)
    rake (11.2.2)
    randexp (0.1.7)
    rspec (3.5.0)
      rspec-core (~> 3.5.0)
      rspec-expectations (~> 3.5.0)
      rspec-mocks (~> 3.5.0)
    rspec-core (3.5.1)
      rspec-support (~> 3.5.0)
    rspec-expectations (3.5.0)
      diff-lcs (>= 1.2.0, < 2.0)
      rspec-support (~> 3.5.0)
    rspec-mocks (3.5.0)
      diff-lcs (>= 1.2.0, < 2.0)
      rspec-support (~> 3.5.0)
    rspec-support (3.5.0)
    term-ansicolor (1.3.2)
      tins (~> 1.0)
    thor (0.19.1)
    tins (1.11.0)
    webrick (1.3.1)

PLATFORMS
  ruby

DEPENDENCIES
  pact-provider-proxy (~> 2.1.0)
  rake (~> 11.2.2)

BUNDLED WITH
   1.12.5
